GEM
  remote: https://rubygems.org/
  specs:
    r509 (0.9.2)
      trollop
    rake (10.1.0)
    trollop (2.0)

PLATFORMS
  ruby

DEPENDENCIES
  r509
  rake
